GEM
  specs:

GEM
  remote: https://rubygems.org/
  specs:
    chef-utils (18.5.0)
      concurrent-ruby
    concurrent-ruby (1.3.4)
    kramdown (2.4.0)
      rexml
    kramdown-parser-gfm (1.1.0)
      kramdown (~> 2.0)
    mdl (0.13.0)
      kramdown (~> 2.3)
      kramdown-parser-gfm (~> 1.1)
      mixlib-cli (~> 2.1, >= 2.1.1)
      mixlib-config (>= 2.2.1, < 4)
      mixlib-shellout
    mixlib-cli (2.1.8)
    mixlib-config (3.0.27)
      tomlrb
    mixlib-shellout (3.3.3)
      chef-utils
    rexml (3.3.8)
    tomlrb (2.0.3)

PLATFORMS
  ruby

DEPENDENCIES
  mdl (~> 0.13.0)!

BUNDLED WITH
   2.3.7
